GEM
  remote: http://rubygems.org/
  specs:
    csv_hasher (0.1.0)
    diff-lcs (1.2.5)
    little-plugger (1.1.3)
    logging (2.0.0)
      little-plugger (~> 1.1)
      multi_json (~> 1.10)
    mail (2.6.3)
      mime-types (>= 1.16, < 3)
    mime-types (2.6.2)
    multi_json (1.11.2)
    pony (1.11)
      mail (>= 2.0)
    rake (10.4.2)
    rspec (3.3.0)
      rspec-core (~> 3.3.0)
      rspec-expectations (~> 3.3.0)
      rspec-mocks (~> 3.3.0)
    rspec-core (3.3.1)
      rspec-support (~> 3.3.0)
    rspec-expectations (3.3.0)
      diff-lcs (>= 1.2.0, < 2.0)
      rspec-support (~> 3.3.0)
    rspec-mocks (3.3.1)
      diff-lcs (>= 1.2.0, < 2.0)
      rspec-support (~> 3.3.0)
    rspec-support (3.3.0)
    yml_reader (0.5)

PLATFORMS
  ruby
  x64-mingw32

DEPENDENCIES
  csv_hasher
  logging
  pony
  rake
  rspec
  yml_reader
