GEM
  remote: http://rubygems.org/
  specs:
    csv_hasher (0.1.0)
    little-plugger (1.1.3)
    logging (2.0.0)
      little-plugger (~> 1.1)
      multi_json (~> 1.10)
    multi_json (1.11.2)
    yml_reader (0.5)

PLATFORMS
  ruby

DEPENDENCIES
  csv_hasher
  logging
  yml_reader
